PATH
  remote: .
  specs:
    rapid_job (0.0.3)
      amqp
      bunny (~> 1.2.1)
      json
      rake

GEM
  remote: https://rubygems.org/
  specs:
    amq-protocol (1.9.2)
    amqp (1.3.0)
      amq-protocol (>= 1.9.2)
      eventmachine
    bunny (1.2.1)
      amq-protocol (>= 1.9.2)
    eventmachine (1.0.3)
    json (1.8.1)
    rake (10.3.1)

PLATFORMS
  ruby

DEPENDENCIES
  bundler (~> 1.3)
  rapid_job!
